PATH
  remote: .
  specs:
    textrepo (0.4.0)

GEM
  remote: https://rubygems.org/
  specs:
    minitest (5.14.2)
    rake (13.0.1)

PLATFORMS
  ruby

DEPENDENCIES
  bundler (~> 2.1)
  minitest (~> 5.0)
  rake (~> 13.0)
  textrepo!

BUNDLED WITH
   2.1.4
